PATH
  remote: /Users/iami/Programming/Ruby/Logger
  specs:
    iami-logger (0.1.0)
      colored

PATH
  remote: /Users/iami/Programming/Ruby/ygoruby-data
  specs:
    ygoruby-data (0.1)
      ruby-lzma (~> 0.4, >= 0.4.3)
      sqlite3 (~> 1.3, >= 1.3.13)

GEM
  remote: https://rubygems.org/
  specs:
    addressable (2.4.0)
    colored (1.2)
    daemons (1.2.4)
    descendants_tracker (0.0.4)
      thread_safe (~> 0.3, >= 0.3.1)
    eventmachine (1.2.3)
    faraday (0.9.2)
      multipart-post (>= 1.2, < 3)
    github_api (0.17.0)
      addressable (~> 2.4.0)
      descendants_tracker (~> 0.0.4)
      faraday (~> 0.8, < 0.10)
      hashie (>= 3.4)
      mime-types (>= 1.16, < 3.0)
      oauth2 (~> 1.0)
    hashie (3.5.5)
    jwt (1.5.6)
    mime-types (2.99.3)
    multi_json (1.12.1)
    multi_xml (0.6.0)
    multipart-post (2.0.0)
    oauth2 (1.4.0)
      faraday (>= 0.8, < 0.13)
      jwt (~> 1.0)
      multi_json (~> 1.3)
      multi_xml (~> 0.5)
      rack (>= 1.2, < 3)
    rack (1.6.5)
    rack-protection (1.5.3)
      rack
    ruby-lzma (0.4.3)
    rubyzip (1.2.1)
    sinatra (1.4.8)
      rack (~> 1.5)
      rack-protection (~> 1.4)
      tilt (>= 1.3, < 3)
    sqlite3 (1.3.13)
    thin (1.7.1)
      daemons (~> 1.0, >= 1.0.9)
      eventmachine (~> 1.0, >= 1.0.4)
      rack (>= 1, < 3)
    thread_safe (0.3.6)
    tilt (2.0.6)

PLATFORMS
  ruby

DEPENDENCIES
  github_api
  iami-logger!
  rubyzip
  sinatra
  thin
  ygoruby-data!

BUNDLED WITH
   1.14.5
