GIT
  remote: git://github.com/IamIpanda/RubyLogger.git
  revision: c9ef8089c67afe129155ef00c26ecd03d7069669
  specs:
    iami-logger (0.1.0)
      colored

GIT
  remote: git://github.com/IamIpanda/ygoruby-data.git
  revision: 2908fcfd918a586c1d43b34c284f59a4bff429f1
  specs:
    ygoruby-data (0.1)
      ruby-lzma (~> 0.4, >= 0.4.3)
      sqlite3 (~> 1.3, >= 1.3.13)

GEM
  remote: https://rubygems.org/
  specs:
    addressable (2.4.0)
    colored (1.2)
    daemons (1.2.4)
    descendants_tracker (0.0.4)
      thread_safe (~> 0.3, >= 0.3.1)
    eventmachine (1.2.3)
    faraday (0.9.2)
      multipart-post (>= 1.2, < 3)
    github_api (0.17.0)
      addressable (~> 2.4.0)
      descendants_tracker (~> 0.0.4)
      faraday (~> 0.8, < 0.10)
      hashie (>= 3.4)
      mime-types (>= 1.16, < 3.0)
      oauth2 (~> 1.0)
    hashie (3.5.5)
    jwt (1.5.6)
    mime-types (2.99.3)
    multi_json (1.12.1)
    multi_xml (0.6.0)
    multipart-post (2.0.0)
    mustermann (1.0.0)
    oauth2 (1.4.0)
      faraday (>= 0.8, < 0.13)
      jwt (~> 1.0)
      multi_json (~> 1.3)
      multi_xml (~> 0.5)
      rack (>= 1.2, < 3)
    rack (2.0.3)
    rack-protection (2.0.0)
      rack
    ruby-lzma (0.4.3)
    rubyzip (1.2.1)
    sinatra (2.0.0)
      mustermann (~> 1.0)
      rack (~> 2.0)
      rack-protection (= 2.0.0)
      tilt (~> 2.0)
    sqlite3 (1.3.13)
    thin (1.7.2)
      daemons (~> 1.0, >= 1.0.9)
      eventmachine (~> 1.0, >= 1.0.4)
      rack (>= 1, < 3)
    thread_safe (0.3.6)
    tilt (2.0.7)

PLATFORMS
  ruby

DEPENDENCIES
  github_api
  iami-logger!
  rubyzip
  sinatra
  thin
  ygoruby-data!

BUNDLED WITH
   1.14.5
